PATH
  remote: .
  specs:
    recache (0.0.2)
      connection_pool
      oj
      redis

GEM
  remote: https://rubygems.org/
  specs:
    connection_pool (2.2.3)
    diff-lcs (1.4.4)
    oj (3.10.14)
    rake (13.0.1)
    redis (4.2.2)
    rspec (3.9.0)
      rspec-core (~> 3.9.0)
      rspec-expectations (~> 3.9.0)
      rspec-mocks (~> 3.9.0)
    rspec-core (3.9.3)
      rspec-support (~> 3.9.3)
    rspec-expectations (3.9.2)
      diff-lcs (>= 1.2.0, < 2.0)
      rspec-support (~> 3.9.0)
    rspec-mocks (3.9.1)
      diff-lcs (>= 1.2.0, < 2.0)
      rspec-support (~> 3.9.0)
    rspec-support (3.9.3)

PLATFORMS
  ruby

DEPENDENCIES
  bundler (~> 2.1)
  rake (~> 13.0)
  recache!
  rspec (~> 3.0)

BUNDLED WITH
   2.1.4
